GEM
  remote: https://rubygems.org/
  specs:
    ansi (1.5.0)
    ast (2.4.1)
    beaker (4.26.0)
      beaker-hostgenerator
      hocon (~> 1.0)
      in-parallel (~> 0.1)
      inifile (~> 3.0)
      minitar (~> 0.6)
      minitest (~> 5.4)
      net-scp (~> 1.2)
      net-ssh (>= 5.0)
      open_uri_redirections (~> 0.2.1)
      pry-byebug (~> 3.6)
      rb-readline (~> 0.5.3)
      rsync (~> 1.0.9)
      stringify-hash (~> 0.0)
      thor (>= 1.0.1, < 2.0)
    beaker-abs (0.8.1)
      beaker (~> 4.0)
      vmfloaty (>= 1.0, < 1.2)
    beaker-answers (0.28.0)
      hocon (~> 1.0)
      require_all (~> 1.3.2)
      stringify-hash (~> 0.0.0)
    beaker-hostgenerator (1.2.10)
      deep_merge (~> 1.0)
      stringify-hash (~> 0.0.0)
    beaker-pe (2.11.9)
      beaker (~> 4.0)
      beaker-abs
      beaker-answers (~> 0.0)
      beaker-puppet (~> 1.0)
      beaker-vmpooler (~> 1.0)
      stringify-hash (~> 0.0.0)
    beaker-puppet (1.21.0)
      beaker (~> 4.1)
      in-parallel (~> 0.1)
      oga
      stringify-hash (~> 0.0.0)
    beaker-puppet_install_helper (0.9.8)
      beaker (~> 4.0)
      beaker-pe (~> 2.0)
    beaker-rspec (6.2.4)
      beaker (> 3.0)
      rspec (~> 3.0)
      serverspec (~> 2)
      specinfra (~> 2)
    beaker-vmpooler (1.3.3)
      stringify-hash (~> 0.0.0)
    byebug (11.1.3)
    coderay (1.1.1)
    colorize (0.8.1)
    commander (4.5.2)
      highline (~> 2.0.0)
    deep_merge (1.2.1)
    diff-lcs (1.4.4)
    domain_name (0.5.20160826)
      unf (>= 0.0.5, < 1.0.0)
    facter (2.4.6)
    faraday (0.17.3)
      multipart-post (>= 1.2, < 3)
    hiera (1.3.4)
      json_pure
    hiera-puppet-helper (1.0.1)
    highline (2.0.3)
    hocon (1.3.1)
    http-cookie (1.0.2)
      domain_name (~> 0.5)
    in-parallel (0.1.17)
    inifile (3.0.0)
    json (1.8.6)
    json_pure (1.8.3)
    metaclass (0.0.4)
    method_source (0.8.2)
    mime-types (2.99.3)
    minitar (0.9)
    minitest (5.14.3)
    mocha (1.1.0)
      metaclass (~> 0.0.1)
    multi_json (1.15.0)
    multipart-post (2.1.1)
    net-scp (1.2.1)
      net-ssh (>= 2.6.5)
    net-ssh (6.1.0)
    net-telnet (0.1.1)
    netrc (0.11.0)
    oga (3.3)
      ast
      ruby-ll (~> 2.1)
    open_uri_redirections (0.2.1)
    pry (0.10.4)
      coderay (~> 1.1.0)
      method_source (~> 0.8.1)
      slop (~> 3.4)
    pry-byebug (3.8.0)
      byebug (~> 11.0)
      pry (~> 0.10)
    puppet (3.7.5)
      facter (> 1.6, < 3)
      hiera (~> 1.0)
      json_pure
    puppet-blacksmith (3.4.0)
      puppet (>= 2.7.16)
      rest-client (~> 1.8.0)
    puppet-lint (2.0.2)
    puppet-syntax (2.1.0)
      rake
    puppetlabs_spec_helper (1.2.2)
      mocha (~> 1.0)
      puppet-lint (~> 2.0)
      puppet-syntax (~> 2.0)
      rspec-puppet (~> 2.0)
    rake (10.5.0)
    rb-readline (0.5.5)
    require_all (1.3.3)
    rest-client (1.8.0)
      http-cookie (>= 1.0.2, < 2.0)
      mime-types (>= 1.16, < 3.0)
      netrc (~> 0.7)
    rspec (3.10.0)
      rspec-core (~> 3.10.0)
      rspec-expectations (~> 3.10.0)
      rspec-mocks (~> 3.10.0)
    rspec-core (3.10.1)
      rspec-support (~> 3.10.0)
    rspec-expectations (3.10.1)
      diff-lcs (>= 1.2.0, < 2.0)
      rspec-support (~> 3.10.0)
    rspec-its (1.3.0)
      rspec-core (>= 3.0.0)
      rspec-expectations (>= 3.0.0)
    rspec-mocks (3.10.1)
      diff-lcs (>= 1.2.0, < 2.0)
      rspec-support (~> 3.10.0)
    rspec-puppet (2.4.0)
      rspec
    rspec-support (3.10.1)
    rsync (1.0.9)
    ruby-ll (2.1.2)
      ansi
      ast
    serverspec (2.41.5)
      multi_json
      rspec (~> 3.0)
      rspec-its
      specinfra (~> 2.72)
    sfl (2.3)
    slop (3.6.0)
    specinfra (2.82.22)
      net-scp
      net-ssh (>= 2.7)
      net-telnet (= 0.1.1)
      sfl
    stringify-hash (0.0.2)
    thor (1.0.1)
    unf (0.1.4)
      unf_ext
    unf_ext (0.0.7.7)
    vagrant-wrapper (2.0.3)
    vmfloaty (1.1.1)
      colorize (~> 0.8.1)
      commander (>= 4.4.3, < 4.6.0)
      faraday (~> 0.17.0)

PLATFORMS
  ruby

DEPENDENCIES
  beaker (>= 2.51.0)
  beaker-puppet_install_helper (>= 0.4.4)
  beaker-rspec (>= 5.6.0)
  hiera
  hiera-puppet-helper
  json (~> 1.8.3)
  json_pure (~> 1.8.3)
  pry
  puppet (~> 3.7.0)
  puppet-blacksmith
  puppet-lint
  puppet-syntax
  puppetlabs_spec_helper
  rake
  rspec
  rspec-core
  rspec-puppet
  serverspec
  vagrant-wrapper

BUNDLED WITH
   1.17.3
